GEM
  remote: http://rubygems.org/
  specs:
    addressable (2.2.7)
    diff-lcs (1.1.3)
    faraday (0.7.6)
      addressable (~> 2.2)
      multipart-post (~> 1.1)
      rack (~> 1.1)
    faraday_middleware (0.8.6)
      faraday (>= 0.7.4, < 0.9)
    grit (2.4.1)
      diff-lcs (~> 1.1)
      mime-types (~> 1.15)
      posix-spawn (~> 0.3.6)
    hashie (1.2.0)
    mime-types (1.18)
    multi_json (1.3.2)
    multipart-post (1.1.5)
    octokit (1.0.2)
      addressable (~> 2.2)
      faraday (~> 0.7)
      faraday_middleware (~> 0.8)
      hashie (~> 1.2)
      multi_json (~> 1.0)
    pit (0.0.6)
    posix-spawn (0.3.6)
    rack (1.4.1)

PLATFORMS
  ruby

DEPENDENCIES
  grit
  octokit
  pit
